GIT
  remote: git://github.com/bbatsov/rubocop.git
  revision: 8fd30007000906e9a99c1c0185215efa20ad1231
  specs:
    rubocop (0.8.1)
      parser (>= 2.0.0.beta1, <= 2.0.0)
      rainbow (>= 1.1.4)

GIT
  remote: git://github.com/guard/guard-minitest.git
  revision: e9864dc85e6f52844afded8d93b9881b5e14f6f7
  specs:
    guard-minitest (1.0.0.beta.2)
      guard (>= 1.8)
      minitest (>= 2.1)

PATH
  remote: .
  specs:
    poleica (0.0.1)

GEM
  remote: https://rubygems.org/
  specs:
    ast (1.0.2)
    childprocess (0.3.9)
      ffi (~> 1.0, >= 1.0.11)
    coderay (1.0.9)
    colorize (0.5.8)
    coveralls (0.6.7)
      colorize
      multi_json (~> 1.3)
      rest-client
      simplecov (>= 0.7)
      thor
    ffi (1.9.0)
    formatador (0.2.4)
    guard (1.8.0)
      formatador (>= 0.2.4)
      listen (>= 1.0.0)
      lumberjack (>= 1.0.2)
      pry (>= 0.9.10)
      thor (>= 0.14.6)
    guard-rubocop (0.0.3)
      childprocess (~> 0.3)
      guard (~> 1.8)
      rubocop (>= 0.6.1, < 1.0.0)
    listen (1.2.1)
      rb-fsevent (>= 0.9.3)
      rb-inotify (>= 0.9)
      rb-kqueue (>= 0.2)
    lumberjack (1.0.3)
    method_source (0.8.1)
    mime-types (1.23)
    minitest (5.0.3)
    multi_json (1.7.6)
    parser (2.0.0.beta5)
      ast (~> 1.0)
      slop (~> 3.4)
    pry (0.9.12.2)
      coderay (~> 1.0.5)
      method_source (~> 0.8)
      slop (~> 3.4)
    rainbow (1.1.4)
    rake (10.0.4)
    rb-fsevent (0.9.3)
    rb-inotify (0.9.0)
      ffi (>= 0.5.0)
    rb-kqueue (0.2.0)
      ffi (>= 0.5.0)
    rest-client (1.6.7)
      mime-types (>= 1.16)
    simplecov (0.7.1)
      multi_json (~> 1.0)
      simplecov-html (~> 0.7.1)
    simplecov-html (0.7.1)
    slop (3.4.5)
    thor (0.18.1)

PLATFORMS
  ruby

DEPENDENCIES
  bundler (~> 1.3)
  coveralls
  guard-minitest!
  guard-rubocop
  minitest
  poleica!
  rake
  rubocop!
